GEM
  remote: https://rubygems.org/
  specs:
    addressable (2.3.5)
    backports (3.3.4)
    coderay (1.0.9)
    ethon (0.6.1)
      ffi (>= 1.3.0)
      mime-types (~> 1.18)
    faraday (0.8.8)
      multipart-post (~> 1.2.0)
    faraday_middleware (0.9.0)
      faraday (>= 0.7.4, < 0.9)
    ffi (1.9.0)
    gh (0.13.0)
      addressable
      backports
      faraday (~> 0.8)
      multi_json (~> 1.0)
      net-http-persistent (>= 2.7)
      net-http-pipeline
    highline (1.6.19)
    launchy (2.3.0)
      addressable (~> 2.3)
    method_source (0.8.2)
    mime-types (1.25)
    multi_json (1.8.1)
    multipart-post (1.2.0)
    net-http-persistent (2.9)
    net-http-pipeline (1.0.1)
    netrc (0.7.7)
    pry (0.9.12.2)
      coderay (~> 1.0.5)
      method_source (~> 0.8)
      slop (~> 3.4)
    puma (1.6.3)
      rack (~> 1.2)
    pusher-client (0.3.1)
      ruby-hmac (~> 0.4.0)
      websocket (~> 1.0.0)
    rack (1.5.2)
    rack-protection (1.5.0)
      rack
    ruby-hmac (0.4.0)
    sinatra (1.4.2)
      rack (~> 1.5, >= 1.5.2)
      rack-protection (~> 1.4)
      tilt (~> 1.3, >= 1.3.4)
    slop (3.4.6)
    terminal-notifier (1.5.1)
    tilt (1.3.7)
    travis (1.5.5)
      backports
      faraday (~> 0.8.7)
      faraday_middleware (~> 0.9)
      gh (~> 0.13)
      highline (~> 1.6)
      launchy (~> 2.1)
      netrc (~> 0.7)
      pry (~> 0.9)
      pusher-client (~> 0.3, >= 0.3.1)
      terminal-notifier (>= 1.4.2)
      typhoeus (~> 0.6)
    typhoeus (0.6.5)
      ethon (~> 0.6.1)
    websocket (1.0.7)

PLATFORMS
  ruby

DEPENDENCIES
  puma
  sinatra
  travis
